GEM
  remote: http://rubygems.org/
  specs:
    builder (2.1.2)
    crack (0.1.8)
    httparty (0.6.1)
      crack (= 0.1.8)
    rack (1.2.1)
    ruby-freshbooks (0.3.1)
      builder (>= 2.1.2)
      httparty (>= 0.5.0)
    sinatra (1.0)
      rack (>= 1.0)

PLATFORMS
  ruby

DEPENDENCIES
  ruby-freshbooks
  sinatra
